GEM
  remote: https://rubygems.org/
  specs:
    ast (2.4.2)
    coderay (1.1.3)
    colorize (0.8.1)
    diff-lcs (1.4.4)
    method_source (1.0.0)
    parser (3.0.2.0)
      ast (~> 2.4.1)
    pry (0.14.1)
      coderay (~> 1.1)
      method_source (~> 1.0)
    rbi (0.0.4)
      ast
      parser
      sorbet-runtime
      unparser
    sorbet (0.5.9125)
      sorbet-static (= 0.5.9125)
    sorbet-runtime (0.5.9125)
    sorbet-static (0.5.9125-x86_64-linux)
    spoom (1.1.2)
      colorize
      sorbet (>= 0.5.6347)
      sorbet-runtime
      thor (>= 0.19.2)
    tapioca (0.5.1)
      bundler (>= 1.17.3)
      pry (>= 0.12.2)
      rbi
      sorbet-runtime
      sorbet-static (>= 0.4.4471)
      spoom
      thor (>= 0.19.2)
      unparser
    thor (1.1.0)
    unparser (0.6.0)
      diff-lcs (~> 1.3)
      parser (>= 3.0.0)

PLATFORMS
  x86_64-linux

DEPENDENCIES
  sorbet
  sorbet-runtime
  tapioca

BUNDLED WITH
   2.2.26
